GEM
  remote: http://rubygems.org/
  specs:
    newrelic_rpm (3.5.8.72)
    rack (1.5.2)
    rack-protection (1.5.0)
      rack
    rpm_contrib (2.1.11)
      newrelic_rpm (>= 3.1.1)
      newrelic_rpm (>= 3.1.1)
    sinatra (1.4.1)
      rack (~> 1.5, >= 1.5.2)
      rack-protection (~> 1.4)
      tilt (~> 1.3, >= 1.3.4)
    tilt (1.3.5)

PLATFORMS
  ruby

DEPENDENCIES
  newrelic_rpm
  rpm_contrib
  sinatra
